PATH
  remote: .
  specs:
    ruby_myq (0.0.2)
      httparty

GEM
  remote: https://rubygems.org/
  specs:
    ast (2.4.1)
    httparty (0.18.1)
      mime-types (~> 3.0)
      multi_xml (>= 0.5.2)
    io-console (0.5.6)
    irb (1.2.7)
      reline (>= 0.1.5)
    mime-types (3.3.1)
      mime-types-data (~> 3.2015)
    mime-types-data (3.2020.1104)
    multi_xml (0.6.0)
    parallel (1.19.2)
    parser (2.7.1.5)
      ast (~> 2.4.1)
    rainbow (3.0.0)
    rake (10.5.0)
    regexp_parser (1.8.1)
    reline (0.1.5)
      io-console (~> 0.5)
    rexml (3.2.4)
    rubocop (0.92.0)
      parallel (~> 1.10)
      parser (>= 2.7.1.5)
      rainbow (>= 2.2.2, < 4.0)
      regexp_parser (>= 1.7)
      rexml
      rubocop-ast (>= 0.5.0)
      ruby-progressbar (~> 1.7)
      unicode-display_width (>= 1.4.0, < 2.0)
    rubocop-ast (0.7.1)
      parser (>= 2.7.1.5)
    ruby-progressbar (1.10.1)
    unicode-display_width (1.7.0)

PLATFORMS
  ruby

DEPENDENCIES
  bundler (~> 1.3)
  irb
  rake (~> 10.0)
  rubocop
  ruby_myq!

BUNDLED WITH
   1.17.2
